GEM
  remote: http://rubygems.org/
  specs:
    bcrypt (3.1.13)
    coderay (1.1.2)
    concurrent-ruby (1.1.5)
    dotenv (2.7.4)
    ffi (1.11.1)
    listen (3.1.5)
      rb-fsevent (~> 0.9, >= 0.9.4)
      rb-inotify (~> 0.9, >= 0.9.7)
      ruby_dep (~> 1.2)
    method_source (0.9.2)
    minitest (5.11.3)
    minitest-hooks (1.5.0)
      minitest (> 5.3)
    nio4r (2.5.2)
    oj (3.10.1)
    pagy (3.7.2)
    pg (1.2.2)
    pry (0.12.2)
      coderay (~> 1.1.0)
      method_source (~> 0.9.0)
    puma (4.3.1)
      nio4r (~> 2.0)
    rack (2.1.1)
    rake (13.0.1)
    rb-fsevent (0.10.3)
    rb-inotify (0.10.0)
      ffi (~> 1.0)
    rerun (0.13.0)
      listen (~> 3.0)
    roda (3.28.0)
      rack
    ruby_dep (1.5.0)
    sequel (5.22.0)
    sequel_pg (1.12.4)
      pg (>= 0.18.0, != 1.2.0)
      sequel (>= 4.38.0)
    slim (4.0.1)
      temple (>= 0.7.6, < 0.9)
      tilt (>= 2.0.6, < 2.1)
    temple (0.8.1)
    tilt (2.0.9)
    tzinfo (2.0.1)
      concurrent-ruby (~> 1.0)
    warning (0.10.1)

PLATFORMS
  ruby

DEPENDENCIES
  bcrypt
  dotenv
  minitest
  minitest-hooks
  oj
  pagy
  pg
  pry
  puma
  rake
  rerun
  roda
  sequel
  sequel_pg
  slim
  tzinfo
  warning

RUBY VERSION
   ruby 2.6.3p62

BUNDLED WITH
   2.0.2
